GEM
  remote: http://rubygems.org/
  specs:
    builder (3.2.2)
    flexmock (1.3.3)
    json (1.8.1)
    mime-types (2.2)
    rake (10.2.2)
    rdoc (4.1.1)
      json (~> 1.4)
    xml-simple (1.1.3)

PLATFORMS
  ruby

DEPENDENCIES
  builder
  flexmock
  mime-types
  rake
  rdoc
  xml-simple
